GEM
  remote: https://rubygems.org/
  specs:
    cgi (0.3.6)
    coderay (1.1.3)
    erb (2.2.3)
      cgi
    method_source (1.0.0)
    pry (0.14.2)
      coderay (~> 1.1)
      method_source (~> 1.0)

PLATFORMS
  x86_64-linux

DEPENDENCIES
  erb (~> 2.2)
  pry

BUNDLED WITH
   2.4.17
